PATH
  remote: .
  specs:
    chimpdoc (0.0.1)
      dropbox-sdk
      rake

GEM
  remote: https://rubygems.org/
  specs:
    diff-lcs (1.1.3)
    dropbox-sdk (1.5.1)
      json
    json (1.7.7)
    rake (10.0.3)
    rspec (2.12.0)
      rspec-core (~> 2.12.0)
      rspec-expectations (~> 2.12.0)
      rspec-mocks (~> 2.12.0)
    rspec-core (2.12.2)
    rspec-expectations (2.12.1)
      diff-lcs (~> 1.1.3)
    rspec-mocks (2.12.2)

PLATFORMS
  ruby

DEPENDENCIES
  chimpdoc!
  rspec
